GEM
  remote: https://rubygems.org/
  specs:
    SyslogLogger (2.0)
    actioncable (5.2.3)
      actionpack (= 5.2.3)
      nio4r (~> 2.0)
      websocket-driver (>= 0.6.1)
    actionmailer (5.2.3)
      actionpack (= 5.2.3)
      actionview (= 5.2.3)
      activejob (= 5.2.3)
      mail (~> 2.5, >= 2.5.4)
      rails-dom-testing (~> 2.0)
    actionpack (5.2.3)
      actionview (= 5.2.3)
      activesupport (= 5.2.3)
      rack (~> 2.0)
      rack-test (>= 0.6.3)
      rails-dom-testing (~> 2.0)
      rails-html-sanitizer (~> 1.0, >= 1.0.2)
    actionview (5.2.3)
      activesupport (= 5.2.3)
      builder (~> 3.1)
      erubi (~> 1.4)
      rails-dom-testing (~> 2.0)
      rails-html-sanitizer (~> 1.0, >= 1.0.3)
    active_model_serializers (0.10.9)
      actionpack (>= 4.1, < 6)
      activemodel (>= 4.1, < 6)
      case_transform (>= 0.2)
      jsonapi-renderer (>= 0.1.1.beta1, < 0.3)
    activejob (5.2.3)
      activesupport (= 5.2.3)
      globalid (>= 0.3.6)
    activemodel (5.2.3)
      activesupport (= 5.2.3)
    activerecord (5.2.3)
      activemodel (= 5.2.3)
      activesupport (= 5.2.3)
      arel (>= 9.0)
    activestorage (5.2.3)
      actionpack (= 5.2.3)
      activerecord (= 5.2.3)
      marcel (~> 0.3.1)
    activesupport (5.2.3)
      concurrent-ruby (~> 1.0, >= 1.0.2)
      i18n (>= 0.7, < 2)
      minitest (~> 5.1)
      tzinfo (~> 1.1)
    addressable (2.6.0)
      public_suffix (>= 2.0.2, < 4.0)
    archive-zip (0.12.0)
      io-like (~> 0.3.0)
    arel (9.0.0)
    ast (2.4.0)
    awesome_print (1.8.0)
    bcrypt (3.1.12)
    better_errors (2.5.1)
      coderay (>= 1.0.0)
      erubi (>= 1.0.0)
      rack (>= 0.9.0)
    bindex (0.5.0)
    binding_of_caller (0.8.0)
      debug_inspector (>= 0.0.1)
    bootsnap (1.4.3)
      msgpack (~> 1.0)
    builder (3.2.3)
    bullet (5.9.0)
      activesupport (>= 3.0.0)
      uniform_notifier (~> 1.11)
    byebug (11.0.1)
    callsite (0.0.11)
    capybara (3.17.0)
      addressable
      mini_mime (>= 0.1.3)
      nokogiri (~> 1.8)
      rack (>= 1.6.0)
      rack-test (>= 0.6.3)
      regexp_parser (~> 1.2)
      xpath (~> 3.2)
    carrierwave (1.3.1)
      activemodel (>= 4.0.0)
      activesupport (>= 4.0.0)
      mime-types (>= 1.16)
    carrierwave-bombshelter (0.2.2)
      activesupport (>= 3.2.0)
      carrierwave
      fastimage
    carrierwave-imageoptimizer (1.4.0)
      carrierwave (>= 0.8, < 2.0)
      image_optimizer (~> 1.6)
    case_transform (0.2)
      activesupport
    childprocess (0.9.0)
      ffi (~> 1.0, >= 1.0.11)
    chromedriver-helper (2.1.1)
      archive-zip (~> 0.10)
      nokogiri (~> 1.8)
    cliver (0.3.2)
    cocoon (1.2.12)
    coderay (1.1.2)
    concurrent-ruby (1.1.5)
    coveralls (0.8.22)
      json (>= 1.8, < 3)
      simplecov (~> 0.16.1)
      term-ansicolor (~> 1.3)
      thor (~> 0.19.4)
      tins (~> 1.6)
    crack (0.4.3)
      safe_yaml (~> 1.0.0)
    crass (1.0.4)
    database_cleaner (1.7.0)
    debase (0.2.2)
      debase-ruby_core_source (>= 0.10.2)
    debase-ruby_core_source (0.10.4)
    debug_inspector (0.0.3)
    devise (4.6.2)
      bcrypt (~> 3.0)
      orm_adapter (~> 0.1)
      railties (>= 4.1.0, < 6.0)
      responders
      warden (~> 1.2.3)
    diff-lcs (1.3)
    docile (1.3.1)
    dotenv (2.7.2)
    dotenv-rails (2.7.2)
      dotenv (= 2.7.2)
      railties (>= 3.2, < 6.1)
    enum_help (0.0.17)
      activesupport (>= 3.0.0)
    erubi (1.8.0)
    excon (0.62.0)
    factory_bot (5.0.2)
      activesupport (>= 4.2.0)
    factory_bot_rails (5.0.2)
      factory_bot (~> 5.0.2)
      railties (>= 4.2.0)
    faker (1.9.3)
      i18n (>= 0.7)
    faraday (0.15.4)
      multipart-post (>= 1.2, < 3)
    fastimage (2.1.5)
    ffi (1.9.25)
    fog-aws (3.4.0)
      fog-core (~> 2.1)
      fog-json (~> 1.1)
      fog-xml (~> 0.1)
      ipaddress (~> 0.8)
    fog-core (2.1.2)
      builder
      excon (~> 0.58)
      formatador (~> 0.2)
      mime-types
    fog-json (1.2.0)
      fog-core
      multi_json (~> 1.10)
    fog-xml (0.1.3)
      fog-core
      nokogiri (>= 1.5.11, < 2.0.0)
    formatador (0.2.5)
    globalid (0.4.2)
      activesupport (>= 4.2.0)
    has_scope (0.7.2)
      actionpack (>= 4.1)
      activesupport (>= 4.1)
    hashdiff (0.3.7)
    hashie (3.6.0)
    i18n (1.6.0)
      concurrent-ruby (~> 1.0)
    image_optimizer (1.8.0)
    inline_svg (1.3.1)
      activesupport (>= 3.0)
      nokogiri (>= 1.6)
    io-like (0.3.0)
    ipaddress (0.8.3)
    jaro_winkler (1.5.2)
    json (2.1.0)
    json_matchers (0.11.0)
      json_schema
    json_schema (0.20.4)
    jsonapi-renderer (0.2.0)
    jwt (2.1.0)
    loofah (2.2.3)
      crass (~> 1.0.2)
      nokogiri (>= 1.5.9)
    mail (2.7.1)
      mini_mime (>= 0.1.1)
    marcel (0.3.3)
      mimemagic (~> 0.3.2)
    marginalia (1.8.0)
      actionpack (>= 2.3)
      activerecord (>= 2.3)
    meta_request (0.6.0)
      callsite (~> 0.0, >= 0.0.11)
      rack-contrib (>= 1.1, < 3)
      railties (>= 3.0.0, < 6)
    method_source (0.9.2)
    mime-types (3.2.2)
      mime-types-data (~> 3.2015)
    mime-types-data (3.2018.0812)
    mimemagic (0.3.3)
    mini_magick (4.9.3)
    mini_mime (1.0.1)
    mini_portile2 (2.4.0)
    minitest (5.11.3)
    msgpack (1.2.9)
    multi_json (1.13.1)
    multi_xml (0.6.0)
    multipart-post (2.0.0)
    newrelic_rpm (6.2.0.354)
    nio4r (2.3.1)
    nokogiri (1.10.2)
      mini_portile2 (~> 2.4.0)
    oauth2 (1.4.1)
      faraday (>= 0.8, < 0.16.0)
      jwt (>= 1.0, < 3.0)
      multi_json (~> 1.3)
      multi_xml (~> 0.5)
      rack (>= 1.2, < 3)
    omniauth (1.9.0)
      hashie (>= 3.4.6, < 3.7.0)
      rack (>= 1.6.2, < 3)
    omniauth-google-oauth2 (0.6.1)
      jwt (>= 2.0)
      omniauth (>= 1.1.1)
      omniauth-oauth2 (>= 1.5)
    omniauth-oauth2 (1.6.0)
      oauth2 (~> 1.1)
      omniauth (~> 1.9)
    orm_adapter (0.5.0)
    pagy (2.1.5)
    parallel (1.14.0)
    parser (2.6.0.0)
      ast (~> 2.4.0)
    pg (1.1.4)
    pg_query (1.1.0)
    pghero (2.2.0)
      activerecord
    poltergeist (1.18.1)
      capybara (>= 2.1, < 4)
      cliver (~> 0.3.1)
      websocket-driver (>= 0.2.0)
    pry (0.12.2)
      coderay (~> 1.1.0)
      method_source (~> 0.9.0)
    psych (3.1.0)
    public_suffix (3.0.3)
    puma (3.12.1)
    pundit (2.0.1)
      activesupport (>= 3.0.0)
    pundit-matchers (1.6.0)
      rspec-rails (>= 3.0.0)
    rack (2.0.7)
    rack-contrib (2.1.0)
      rack (~> 2.0)
    rack-test (1.1.0)
      rack (>= 1.0, < 3)
    rails (5.2.3)
      actioncable (= 5.2.3)
      actionmailer (= 5.2.3)
      actionpack (= 5.2.3)
      actionview (= 5.2.3)
      activejob (= 5.2.3)
      activemodel (= 5.2.3)
      activerecord (= 5.2.3)
      activestorage (= 5.2.3)
      activesupport (= 5.2.3)
      bundler (>= 1.3.0)
      railties (= 5.2.3)
      sprockets-rails (>= 2.0.0)
    rails-controller-testing (1.0.4)
      actionpack (>= 5.0.1.x)
      actionview (>= 5.0.1.x)
      activesupport (>= 5.0.1.x)
    rails-dom-testing (2.0.3)
      activesupport (>= 4.2.0)
      nokogiri (>= 1.6)
    rails-html-sanitizer (1.0.4)
      loofah (~> 2.2, >= 2.2.2)
    rails_semantic_logger (4.4.1)
      rails (>= 3.2)
      semantic_logger (~> 4.4)
    railties (5.2.3)
      actionpack (= 5.2.3)
      activesupport (= 5.2.3)
      method_source
      rake (>= 0.8.7)
      thor (>= 0.19.0, < 2.0)
    rainbow (3.0.0)
    rake (12.3.2)
    rb-fsevent (0.10.3)
    rb-inotify (0.10.0)
      ffi (~> 1.0)
    regexp_parser (1.4.0)
    responders (2.4.1)
      actionpack (>= 4.2.0, < 6.0)
      railties (>= 4.2.0, < 6.0)
    rolify (5.2.0)
    rspec-core (3.8.0)
      rspec-support (~> 3.8.0)
    rspec-expectations (3.8.2)
      diff-lcs (>= 1.2.0, < 2.0)
      rspec-support (~> 3.8.0)
    rspec-mocks (3.8.0)
      diff-lcs (>= 1.2.0, < 2.0)
      rspec-support (~> 3.8.0)
    rspec-rails (3.8.2)
      actionpack (>= 3.0)
      activesupport (>= 3.0)
      railties (>= 3.0)
      rspec-core (~> 3.8.0)
      rspec-expectations (~> 3.8.0)
      rspec-mocks (~> 3.8.0)
      rspec-support (~> 3.8.0)
    rspec-support (3.8.0)
    rubocop (0.66.0)
      jaro_winkler (~> 1.5.1)
      parallel (~> 1.10)
      parser (>= 2.5, != 2.5.1.1)
      psych (>= 3.1.0)
      rainbow (>= 2.2.2, < 4.0)
      ruby-progressbar (~> 1.7)
      unicode-display_width (>= 1.4.0, < 1.6)
    ruby-debug-ide (0.7.0.beta7)
      rake (>= 0.8.1)
    ruby-progressbar (1.10.0)
    rubyzip (1.2.2)
    safe_yaml (1.0.4)
    sass (3.5.6)
      sass-listen (~> 4.0.0)
    sass-listen (4.0.0)
      rb-fsevent (~> 0.9, >= 0.9.4)
      rb-inotify (~> 0.9, >= 0.9.7)
    sass-rails (5.0.7)
      railties (>= 4.0.0, < 6)
      sass (~> 3.1)
      sprockets (>= 2.8, < 4.0)
      sprockets-rails (>= 2.0, < 4.0)
      tilt (>= 1.1, < 3)
    scenic (1.5.1)
      activerecord (>= 4.0.0)
      railties (>= 4.0.0)
    selenium-webdriver (3.141.0)
      childprocess (~> 0.5)
      rubyzip (~> 1.2, >= 1.2.2)
    semantic_logger (4.5.0)
      concurrent-ruby (~> 1.0)
    shoulda-matchers (4.0.1)
      activesupport (>= 4.2.0)
    simple_form (4.1.0)
      actionpack (>= 5.0)
      activemodel (>= 5.0)
    simplecov (0.16.1)
      docile (~> 1.1)
      json (>= 1.8, < 3)
      simplecov-html (~> 0.10.0)
    simplecov-html (0.10.2)
    skylight (3.1.5)
      skylight-core (= 3.1.5)
    skylight-core (3.1.5)
      activesupport (>= 4.2.0)
    slim (4.0.1)
      temple (>= 0.7.6, < 0.9)
      tilt (>= 2.0.6, < 2.1)
    smarter_csv (1.2.6)
    spring (2.0.2)
      activesupport (>= 4.2)
    sprockets (3.7.2)
      concurrent-ruby (~> 1.0)
      rack (> 1, < 3)
    sprockets-rails (3.2.1)
      actionpack (>= 4.0)
      activesupport (>= 4.0)
      sprockets (>= 3.0.0)
    temple (0.8.0)
    term-ansicolor (1.7.0)
      tins (~> 1.0)
    thor (0.19.4)
    thread_safe (0.3.6)
    tiddle (1.4.0)
      activerecord (>= 4.2.0)
      devise (>= 4.0.0.rc1, < 5)
    tilt (2.0.9)
    tins (1.20.2)
    turbolinks (5.2.0)
      turbolinks-source (~> 5.2)
    turbolinks-source (5.2.0)
    tzinfo (1.2.5)
      thread_safe (~> 0.1)
    unicode-display_width (1.5.0)
    uniform_notifier (1.12.1)
    warden (1.2.8)
      rack (>= 2.0.6)
    web-console (3.7.0)
      actionview (>= 5.0)
      activemodel (>= 5.0)
      bindex (>= 0.4.0)
      railties (>= 5.0)
    webmock (3.5.1)
      addressable (>= 2.3.6)
      crack (>= 0.3.2)
      hashdiff
    websocket-driver (0.7.0)
      websocket-extensions (>= 0.1.0)
    websocket-extensions (0.1.3)
    xpath (3.2.0)
      nokogiri (~> 1.8)

PLATFORMS
  ruby

DEPENDENCIES
  SyslogLogger
  active_model_serializers (~> 0.10.8)
  awesome_print
  better_errors
  binding_of_caller
  bootsnap
  bullet
  byebug
  capybara (> 2.1)
  carrierwave
  carrierwave-bombshelter
  carrierwave-imageoptimizer
  chromedriver-helper
  cocoon
  coveralls
  database_cleaner
  debase
  devise
  dotenv-rails
  enum_help
  factory_bot_rails
  faker
  fog-aws
  has_scope
  inline_svg
  json_matchers
  marginalia
  meta_request
  mini_magick
  newrelic_rpm
  omniauth-google-oauth2
  pagy
  pg
  pg_query (>= 0.9.0)
  pghero
  poltergeist
  pry
  puma
  pundit
  pundit-matchers
  rails
  rails-controller-testing
  rails_semantic_logger
  rolify
  rspec-rails
  rubocop
  ruby-debug-ide
  sass-rails (~> 5.0)
  scenic
  selenium-webdriver
  shoulda-matchers
  simple_form
  skylight
  slim
  smarter_csv
  spring
  tiddle
  turbolinks
  web-console
  webmock

BUNDLED WITH
   1.17.2
